GEM
  specs:
    rake (10.4.2)
    sequel (4.25.0)
    sqlite3 (1.3.10)

PLATFORMS
  ruby

DEPENDENCIES
  rake
  sequel
  sqlite3

BUNDLED WITH
   1.10.5
